GEM
  remote: http://rubygems.org/
  specs:
    activesupport (3.0.0)
    crack (0.1.8)
    diff-lcs (1.1.2)
    factory_girl (1.2.3)
    gemcutter (0.6.1)
    git (1.2.5)
    httparty (0.6.1)
      crack (= 0.1.8)
    jeweler (1.4.0)
      gemcutter (>= 0.1.0)
      git (>= 1.2.5)
      rubyforge (>= 2.0.0)
    json_pure (1.4.6)
    rspec (2.0.0.beta.20)
      rspec-core (= 2.0.0.beta.20)
      rspec-expectations (= 2.0.0.beta.20)
      rspec-mocks (= 2.0.0.beta.20)
    rspec-core (2.0.0.beta.20)
    rspec-expectations (2.0.0.beta.20)
      diff-lcs (>= 1.1.2)
    rspec-mocks (2.0.0.beta.20)
    rubyforge (2.0.4)
      json_pure (>= 1.1.7)

PLATFORMS
  ruby

DEPENDENCIES
  activesupport (>= 2.3.3)
  factory_girl (= 1.2.3)
  httparty (>= 0.6.1)
  jeweler
  rspec (>= 2.0.0.beta.20)
